PATH
  remote: .
  specs:
    huginn_airtable_agent (0.1)
      airtable
      huginn_agent
      terrapin

GEM
  remote: https://rubygems.org/
  specs:
    airtable (0.0.9)
      httparty
    climate_control (0.2.0)
    httparty (0.17.3)
      mime-types (~> 3.0)
      multi_xml (>= 0.5.2)
    huginn_agent (0.6.1)
      thor
    mime-types (3.3.1)
      mime-types-data (~> 3.2015)
    mime-types-data (3.2019.1009)
    multi_xml (0.6.0)
    rake (12.3.3)
    terrapin (0.6.0)
      climate_control (>= 0.0.3, < 1.0)
    thor (1.0.1)

PLATFORMS
  ruby

DEPENDENCIES
  bundler (~> 1.7)
  huginn_agent (~> 0.6.1)
  huginn_airtable_agent!
  rake (~> 12.3)

BUNDLED WITH
   1.17.3
